GEM
  remote: https://rubygems.org/
  specs:
    mustache (1.0.3)
    rack (1.6.4)
    rake (10.4.2)

PLATFORMS
  ruby

DEPENDENCIES
  mustache
  rack
  rake

BUNDLED WITH
   1.11.2
